GEM
  remote: http://rubygems.org/
  specs:
    celluloid (0.15.2)
      timers (~> 1.1.0)
    ffi (1.9.3)
    listen (2.3.1)
      celluloid (>= 0.15.2)
      rb-fsevent (>= 0.9.3)
      rb-inotify (>= 0.9)
    macaddr (1.7.1)
      systemu (~> 2.6.2)
    rake (10.1.1)
    rb-fsevent (0.9.3)
    rb-inotify (0.9.2)
      ffi (>= 0.5.0)
    smart_colored (1.1.1)
    sys-proctable (0.9.3)
    systemu (2.6.4)
    timers (1.1.0)
    uuid (2.3.7)
      macaddr (~> 1.0)

PLATFORMS
  ruby

DEPENDENCIES
  listen (~> 2.3)
  rake (~> 10.1.1)
  smart_colored (~> 1.1)
  sys-proctable (~> 0.9)
  uuid (~> 2.3.7)
